GEM
  remote: https://rubygems.org/
  specs:
    coderay (1.1.2)
    graphql (1.7.9)
    httparty (0.15.6)
      multi_xml (>= 0.5.2)
    method_source (0.9.0)
    multi_xml (0.6.0)
    pry (0.11.3)
      coderay (~> 1.1.0)
      method_source (~> 0.9.0)

PLATFORMS
  ruby

DEPENDENCIES
  graphql
  httparty
  pry

BUNDLED WITH
   1.16.1
